GEM
  remote: https://rubygems.org/
  specs:
    ffi (1.17.2-arm64-darwin)
    listen (3.9.0)
      rb-fsevent (~> 0.10, >= 0.10.3)
      rb-inotify (~> 0.9, >= 0.9.10)
    rb-fsevent (0.11.2)
    rb-inotify (0.11.1)
      ffi (~> 1.0)
    rerun (0.14.0)
      listen (~> 3.0)

PLATFORMS
  arm64-darwin-22

DEPENDENCIES
  rerun

BUNDLED WITH
   2.4.14
